GEM
  remote: https://rubygems.org/
  specs:
    ansi (1.5.0)
    ast (2.4.0)
    builder (3.2.4)
    jaro_winkler (1.5.4)
    json (2.3.0)
    minitest (5.13.0)
    minitest-reporters (1.4.2)
      ansi
      builder
      minitest (>= 5.0)
      ruby-progressbar
    mustermann (1.1.0)
      ruby2_keywords (~> 0.0.1)
    parallel (1.19.1)
    parser (2.7.0.1)
      ast (~> 2.4.0)
    passenger (6.0.4)
      rack
      rake (>= 0.8.1)
    prometheus-client (1.0.0)
    rack (2.0.8)
    rack-protection (2.0.7)
      rack
    rack-test (1.1.0)
      rack (>= 1.0, < 3)
    rainbow (3.0.0)
    rake (13.0.1)
    rubocop (0.78.0)
      jaro_winkler (~> 1.5.1)
      parallel (~> 1.10)
      parser (>= 2.6)
      rainbow (>= 2.2.2, < 4.0)
      ruby-progressbar (~> 1.7)
      unicode-display_width (>= 1.4.0, < 1.7)
    rubocop-performance (1.5.2)
      rubocop (>= 0.71.0)
    ruby-progressbar (1.10.1)
    ruby2_keywords (0.0.1)
    sinatra (2.0.7)
      mustermann (~> 1.0)
      rack (~> 2.0)
      rack-protection (= 2.0.7)
      tilt (~> 2.0)
    tilt (2.0.10)
    unicode-display_width (1.6.0)

PLATFORMS
  ruby

DEPENDENCIES
  json (~> 2.3)
  minitest (~> 5.13)
  minitest-reporters (~> 1.4)
  passenger (~> 6.0, >= 6.0.2)
  prometheus-client (~> 1.0)
  rack (~> 2.0, >= 2.0.8)
  rack-test (~> 1.1)
  rubocop (~> 0.78)
  rubocop-performance (~> 1.5)
  sinatra (~> 2.0, >= 2.0.5)

BUNDLED WITH
   2.1.2
