GEM
  remote: https://rubygems.org/
  specs:
    ansi (1.5.0)
    ast (2.4.2)
    builder (3.2.4)
    json (2.5.1)
    mail (2.7.1)
      mini_mime (>= 0.1.1)
    mini_mime (1.1.2)
    minitest (5.14.4)
    minitest-reporters (1.4.3)
      ansi
      builder
      minitest (>= 5.0)
      ruby-progressbar
    mustermann (1.1.1)
      ruby2_keywords (~> 0.0.1)
    parallel (1.21.0)
    parser (3.0.2.0)
      ast (~> 2.4.1)
    passenger (6.0.11)
      rack
      rake (>= 0.8.1)
    pony (1.13.1)
      mail (>= 2.0)
    prometheus-client (2.1.0)
    rack (2.2.4)
    rack-protection (2.1.0)
      rack
    rack-test (1.1.0)
      rack (>= 1.0, < 3)
    rainbow (3.0.0)
    rake (13.0.6)
    regexp_parser (2.1.1)
    rexml (3.2.5)
    rubocop (1.22.1)
      parallel (~> 1.10)
      parser (>= 3.0.0.0)
      rainbow (>= 2.2.2, < 4.0)
      regexp_parser (>= 1.8, < 3.0)
      rexml
      rubocop-ast (>= 1.12.0, < 2.0)
      ruby-progressbar (~> 1.7)
      unicode-display_width (>= 1.4.0, < 3.0)
    rubocop-ast (1.12.0)
      parser (>= 3.0.1.1)
    rubocop-minitest (0.15.2)
      rubocop (>= 0.90, < 2.0)
    rubocop-performance (1.11.5)
      rubocop (>= 1.7.0, < 2.0)
      rubocop-ast (>= 0.4.0)
    ruby-progressbar (1.11.0)
    ruby2_keywords (0.0.5)
    sinatra (2.1.0)
      mustermann (~> 1.0)
      rack (~> 2.2)
      rack-protection (= 2.1.0)
      tilt (~> 2.0)
    tilt (2.0.10)
    unicode-display_width (2.1.0)

PLATFORMS
  aarch64-linux
  x86_64-linux

DEPENDENCIES
  json (~> 2.3)
  minitest (~> 5.14, >= 5.14.4)
  minitest-reporters (~> 1.4, >= 1.4.3)
  passenger (~> 6.0, >= 6.0.11)
  pony (~> 1.13)
  prometheus-client (~> 2.1)
  rack (~> 2.2)
  rack-test (~> 1.1)
  rubocop (~> 1.22, >= 1.22.1)
  rubocop-minitest (~> 0.15.2)
  rubocop-performance (~> 1.7)
  sinatra (~> 2.1)

BUNDLED WITH
   2.2.29
