GEM
  remote: https://rubygems.org/
  specs:
    daemons (1.2.3)
    eventmachine (1.0.8)
    ffi (1.9.10)
    json (1.8.3)
    listen (3.0.5)
      rb-fsevent (>= 0.9.3)
      rb-inotify (>= 0.9)
    minitest (5.8.3)
    passenger (5.0.22)
      rack
      rake (>= 0.8.1)
    rack (1.6.4)
    rack-protection (1.5.3)
      rack
    rack-test (0.6.3)
      rack (>= 1.0)
    rake (10.4.2)
    rb-fsevent (0.9.7)
    rb-inotify (0.9.5)
      ffi (>= 0.5.0)
    rerun (0.11.0)
      listen (~> 3.0)
    sinatra (1.4.6)
      rack (~> 1.4)
      rack-protection (~> 1.4)
      tilt (>= 1.3, < 3)
    thin (1.6.4)
      daemons (~> 1.0, >= 1.0.9)
      eventmachine (~> 1.0, >= 1.0.4)
      rack (~> 1.0)
    tilt (2.0.2)

PLATFORMS
  ruby

DEPENDENCIES
  json (~> 1.8)
  minitest (~> 5.2)
  passenger (= 5.0.22)
  rack-test (~> 0.6)
  rake (~> 10.0)
  rerun (~> 0.10)
  sinatra (~> 1.4)
  thin (~> 1.6)

BUNDLED WITH
   1.11.2
